PATH
  remote: .
  specs:
    log2carbon (0.1.0)

GEM
  remote: http://rubygems.org/
  specs:

PLATFORMS
  ruby

DEPENDENCIES
  log2carbon!
