PATH
  remote: .
  specs:
    log2carbon (0.2.0)
      daemons (= 1.1.9)

GEM
  remote: http://rubygems.org/
  specs:
    columnize (0.3.6)
    daemons (1.1.9)
    debugger (1.6.1)
      columnize (>= 0.3.1)
      debugger-linecache (~> 1.2.0)
      debugger-ruby_core_source (~> 1.2.3)
    debugger-linecache (1.2.0)
    debugger-ruby_core_source (1.2.3)

PLATFORMS
  ruby

DEPENDENCIES
  debugger
  log2carbon!
